GEM
  remote: https://rubygems.org/
  specs:
    os (0.9.6)
    sqlite3 (1.3.9)

PLATFORMS
  ruby

DEPENDENCIES
  os
  sqlite3
