GEM
  remote: https://rubygems.org/
  specs:
    andand (1.3.3)
    json (1.8.1)
    mini_portile (0.6.0)
    nokogiri (1.6.3.1)
      mini_portile (= 0.6.0)
    os (0.9.6)
    rake (10.3.2)
    sqlite3 (1.3.9)

PLATFORMS
  ruby

DEPENDENCIES
  andand
  json
  nokogiri
  os
  rake (>= 0.8.3)
  sqlite3
